GIT
  remote: git://github.com/mloughran/em-hiredis.git
  revision: 42f3bb8c21d59c03234920f9b74354cc66fafcc0
  branch: experimental
  specs:
    em-hiredis (0.1.0)
      hiredis (~> 0.4.0)

GEM
  remote: http://rubygems.org/
  specs:
    activesupport (3.0.20)
    ansi (1.4.3)
    async-rack (0.5.1)
      rack (~> 1.1)
    builder (3.2.0)
    cramp (0.15.1)
      activesupport (~> 3.0.9)
      eventmachine (~> 1.0.0.beta.3)
      rack (~> 1.3.2)
      thor (~> 0.14.6)
    daemons (1.1.9)
    eventmachine (1.0.1)
    hiredis (0.4.5)
    http_router (0.11.0)
      rack (>= 1.0.0)
      url_mount (~> 0.2.1)
    i18n (0.6.4)
    minitest (4.6.2)
    rack (1.3.10)
    rake (10.0.3)
    thin (1.5.0)
      daemons (>= 1.0.9)
      eventmachine (>= 0.12.6)
      rack (>= 1.0.0)
    thor (0.14.6)
    turn (0.9.6)
      ansi
    url_mount (0.2.1)
      rack

PLATFORMS
  ruby

DEPENDENCIES
  async-rack
  builder
  cramp
  em-hiredis!
  http_router
  i18n
  minitest
  rake
  thin
  turn
