GIT
  remote: git://github.com/ftopia/sinapse.git
  revision: 55c87081d5332e41f066fb56bba4c95a3169f47f
  branch: libcurl
  specs:
    sinapse (0.2.0)
      activesupport (>= 3.0.0)
      connection_pool
      goliath (>= 1.0.3)
      hiredis
      msgpack (>= 0.5.0)
      redis (>= 3.0.6)

GEM
  remote: https://rubygems.org/
  specs:
    activesupport (4.1.1)
      i18n (~> 0.6, >= 0.6.9)
      json (~> 1.7, >= 1.7.7)
      minitest (~> 5.1)
      thread_safe (~> 0.1)
      tzinfo (~> 1.1)
    addressable (2.3.6)
    async-rack (0.5.1)
      rack (~> 1.1)
    connection_pool (2.0.0)
    dotenv (0.7.0)
    em-synchrony (1.0.3)
      eventmachine (>= 1.0.0.beta.1)
    em-websocket (0.3.8)
      addressable (>= 2.1.1)
      eventmachine (>= 0.12.9)
    eventmachine (1.0.3)
    foreman (0.67.0)
      dotenv (~> 0.7.0)
      thor (~> 0.17.0)
    goliath (1.0.3)
      async-rack
      em-synchrony (>= 1.0.0)
      em-websocket (= 0.3.8)
      eventmachine (>= 1.0.0.beta.4)
      http_parser.rb (= 0.6.0.beta.2)
      log4r
      multi_json
      rack (>= 1.2.2)
      rack-contrib
      rack-respond_to
    hiredis (0.5.2)
    http_parser.rb (0.6.0.beta.2)
    i18n (0.6.9)
    json (1.8.1)
    log4r (1.1.10)
    minitest (5.3.4)
    msgpack (0.5.8)
    multi_json (1.10.1)
    rack (1.5.2)
    rack-accept-media-types (0.9)
    rack-contrib (1.1.0)
      rack (>= 0.9.1)
    rack-respond_to (0.9.8)
      rack-accept-media-types (>= 0.6)
    redis (3.0.7)
    thor (0.17.0)
    thread_safe (0.3.3)
    tzinfo (1.1.0)
      thread_safe (~> 0.1)

PLATFORMS
  ruby

DEPENDENCIES
  foreman
  sinapse!
